PATH
  remote: .
  specs:
    stop_in_debugger (0.1.0)

GEM
  remote: https://rubygems.org/
  specs:
    rake (12.3.3)
    rake-compiler (1.1.1)
      rake

PLATFORMS
  ruby

DEPENDENCIES
  rake
  rake-compiler
  stop_in_debugger!

BUNDLED WITH
   1.17.2
