PATH
  remote: .
  specs:
    stop_in_debugger (0.1.0)

GEM
  remote: https://rubygems.org/
  specs:

PLATFORMS
  ruby

DEPENDENCIES
  stop_in_debugger!

BUNDLED WITH
   1.17.2
